GIT
  remote: git+ssh://git@github.com/sanger/psd_logger.git
  revision: e16d106be39ea096f95787a927b8ce24ec522bde
  specs:
    psd_logger (0.1.5)

GIT
  remote: git+ssh://git@github.com/sanger/sanger_barcode.git
  revision: e5701fdcf759500c482163cd10c0878d24906c89
  specs:
    sanger_barcode (0.0.1)
      savon (= 0.9.2)

GIT
  remote: git+ssh://git@github.com/sanger/sequencescape-client-api.git
  revision: cf8855815220aa97d255cf906586f852883e0751
  branch: production
  specs:
    sequencescape-client-api (0.0.1)
      activemodel (~> 3.0.0)
      activesupport (~> 3.0.0)
      i18n
      yajl-ruby (~> 1.1.0)

GEM
  remote: http://rubygems.org/
  specs:
    abstract (1.0.0)
    actionmailer (3.0.19)
      actionpack (= 3.0.19)
      mail (~> 2.2.19)
    actionpack (3.0.19)
      activemodel (= 3.0.19)
      activesupport (= 3.0.19)
      builder (~> 2.1.2)
      erubis (~> 2.6.6)
      i18n (~> 0.5.0)
      rack (~> 1.2.5)
      rack-mount (~> 0.6.14)
      rack-test (~> 0.5.7)
      tzinfo (~> 0.3.23)
    activemodel (3.0.19)
      activesupport (= 3.0.19)
      builder (~> 2.1.2)
      i18n (~> 0.5.0)
    activerecord (3.0.19)
      activemodel (= 3.0.19)
      activesupport (= 3.0.19)
      arel (~> 2.0.10)
      tzinfo (~> 0.3.23)
    activeresource (3.0.19)
      activemodel (= 3.0.19)
      activesupport (= 3.0.19)
    activesupport (3.0.19)
    archive-tar-minitar (0.5.2)
    arel (2.0.10)
    builder (2.1.2)
    chunky_png (1.2.4)
    columnize (0.3.4)
    compass (0.11.5)
      chunky_png (~> 1.2)
      fssm (>= 0.2.7)
      sass (~> 3.1)
    daemons (1.1.4)
    erubis (2.6.6)
      abstract (>= 1.0.0)
    eventmachine (0.12.10)
    exception_notification (2.5.2)
      actionmailer (>= 3.0.4)
    formtastic (1.2.4)
      actionpack (>= 2.3.7)
      activesupport (>= 2.3.7)
      i18n (~> 0.4)
    fssm (0.2.7)
    gyoku (0.4.4)
      builder (>= 2.1.2)
    hashie (1.0.0)
    httpi (0.9.5)
      rack
    i18n (0.5.0)
    json (1.7.6)
    linecache19 (0.5.12)
      ruby_core_source (>= 0.1.4)
    mail (2.2.19)
      activesupport (>= 2.3.6)
      i18n (>= 0.4.0)
      mime-types (~> 1.16)
      treetop (~> 1.4.8)
    mime-types (1.19)
    nokogiri (1.5.0)
    nori (1.0.2)
    polyglot (0.3.3)
    rack (1.2.6)
    rack-mount (0.6.14)
      rack (>= 1.0.0)
    rack-test (0.5.7)
      rack (>= 1.0)
    rails (3.0.19)
      actionmailer (= 3.0.19)
      actionpack (= 3.0.19)
      activerecord (= 3.0.19)
      activeresource (= 3.0.19)
      activesupport (= 3.0.19)
      bundler (~> 1.0)
      railties (= 3.0.19)
    railties (3.0.19)
      actionpack (= 3.0.19)
      activesupport (= 3.0.19)
      rake (>= 0.8.7)
      rdoc (~> 3.4)
      thor (~> 0.14.4)
    rake (0.9.6)
    rdoc (3.12)
      json (~> 1.4)
    ruby-debug-base19 (0.11.25)
      columnize (>= 0.3.1)
      linecache19 (>= 0.5.11)
      ruby_core_source (>= 0.1.4)
    ruby-debug19 (0.11.6)
      columnize (>= 0.3.1)
      linecache19 (>= 0.5.11)
      ruby-debug-base19 (>= 0.11.19)
    ruby_core_source (0.1.5)
      archive-tar-minitar (>= 0.5.2)
    sass (3.1.7)
    savon (0.9.2)
      builder (>= 2.1.2)
      gyoku (>= 0.4.0)
      httpi (>= 0.7.8)
      nokogiri (>= 1.4.0)
      nori (>= 0.2.0)
    state_machine (1.0.2)
    thin (1.2.11)
      daemons (>= 1.0.9)
      eventmachine (>= 0.12.6)
      rack (>= 1.0.0)
    thor (0.14.6)
    treetop (1.4.12)
      polyglot
      polyglot (>= 0.3.1)
    tzinfo (0.3.35)
    yajl-ruby (1.1.0)

PLATFORMS
  ruby

DEPENDENCIES
  compass (>= 0.11.1)
  exception_notification
  formtastic (~> 1.2.3)
  hashie (~> 1.0.0)
  psd_logger!
  rails (~> 3.0.19)
  rake (~> 0.9.2)
  ruby-debug19
  sanger_barcode!
  sequencescape-client-api!
  state_machine (~> 1.0.1)
  thin
